PATH
  remote: .
  specs:
    thats_it (0.2.0)

GEM
  remote: https://rubygems.org/
  specs:
    power_assert (1.1.3)
    rake (10.5.0)
    rake-compiler (1.0.4)
      rake
    test-unit (3.2.8)
      power_assert

PLATFORMS
  ruby

DEPENDENCIES
  bundler (~> 1.16)
  rake (~> 10.0)
  rake-compiler
  test-unit
  thats_it!

BUNDLED WITH
   1.16.2
